GEM
  remote: http://rubygems.org/
  specs:
    active_support (3.0.0)
      activesupport (= 3.0.0)
    activesupport (3.0.0)
    psych (1.3.4)

PLATFORMS
  ruby

DEPENDENCIES
  active_support
  psych
